PATH
  remote: .
  specs:
    demo-ga (0.2.0)

GEM
  remote: https://rubygems.org/
  specs:
    date (3.4.1)
    erb (5.0.1)
    io-console (0.8.0)
    irb (1.15.2)
      pp (>= 0.6.0)
      rdoc (>= 4.0.0)
      reline (>= 0.4.2)
    pp (0.6.2)
      prettyprint
    prettyprint (0.2.0)
    psych (5.2.6)
      date
      stringio
    rake (13.3.0)
    rdoc (6.14.0)
      erb
      psych (>= 4.0.0)
    reline (0.6.1)
      io-console (~> 0.5)
    stringio (3.1.7)

PLATFORMS
  arm64-darwin-24
  ruby

DEPENDENCIES
  demo-ga!
  irb
  rake (~> 13.0)

BUNDLED WITH
   2.6.9
